GEM
  remote: https://rubygems.org/
  specs:
    activesupport (4.2.0)
      i18n (~> 0.7)
      json (~> 1.7, >= 1.7.7)
      minitest (~> 5.1)
      thread_safe (~> 0.3, >= 0.3.4)
      tzinfo (~> 1.1)
    builder (3.2.2)
    i18n (0.7.0)
    json (1.8.2)
    json (1.8.2-java)
    mini_portile (0.6.2)
    minitest (5.5.1)
    nokogiri (1.6.5)
      mini_portile (~> 0.6.0)
    nokogiri (1.6.5-java)
    puma (2.10.2)
      rack (>= 1.1, < 2.0)
    puma (2.10.2-java)
      rack (>= 1.1, < 2.0)
    rabl (0.11.5)
      activesupport (>= 2.3.14)
    rack (1.6.0)
    rack-protection (1.5.3)
      rack
    sinatra (1.4.5)
      rack (~> 1.4)
      rack-protection (~> 1.4)
      tilt (~> 1.3, >= 1.3.4)
    thread_safe (0.3.4)
    thread_safe (0.3.4-java)
    tilt (1.4.1)
    tzinfo (1.2.2)
      thread_safe (~> 0.1)

PLATFORMS
  java
  ruby

DEPENDENCIES
  builder
  nokogiri
  puma
  rabl
  sinatra
