GEM
  remote: https://rubygems.org/
  specs:
    nokogiri (1.6.5-java)
    puma (2.10.2-java)
      rack (>= 1.1, < 2.0)
    rack (1.6.0)
    rack-protection (1.5.3)
      rack
    sinatra (1.4.5)
      rack (~> 1.4)
      rack-protection (~> 1.4)
      tilt (~> 1.3, >= 1.3.4)
    tilt (1.4.1)

PLATFORMS
  java

DEPENDENCIES
  nokogiri
  puma
  sinatra
